GEM
  remote: https://rubygems.org/
  specs:
    bigdecimal (1.3.5)

PLATFORMS
  ruby

DEPENDENCIES
  bigdecimal (~> 1.3.5)

RUBY VERSION
   ruby 2.7.2p137

BUNDLED WITH
   2.1.4
